GEM
  remote: https://rubygems.org/
  specs:
    builder (3.2.2)
    filewatcher (0.5.2)
      trollop (~> 2.0)
    thor (0.19.1)
    trollop (2.1.2)

PLATFORMS
  ruby

DEPENDENCIES
  builder
  filewatcher
  thor
