GEM
  remote: https://rubygems.org/
  specs:
    builder (3.2.2)
    thor (0.19.1)

PLATFORMS
  ruby

DEPENDENCIES
  builder
  thor
